GEM
  remote: https://rubygems.org/
  specs:
    concurrent-ruby (1.1.10)
    et-orbi (1.2.7)
      tzinfo
    fugit (1.5.3)
      et-orbi (~> 1, >= 1.2.7)
      raabro (~> 1.4)
    raabro (1.4.0)
    rufus-scheduler (3.8.2)
      fugit (~> 1.1, >= 1.1.6)
    tzinfo (2.0.4)
      concurrent-ruby (~> 1.0)
    tzinfo-data (1.2022.1)
      tzinfo (>= 1.0.0)

PLATFORMS
  arm64-darwin-21

DEPENDENCIES
  rufus-scheduler
  tzinfo-data

BUNDLED WITH
   2.2.3
